GEM
  remote: https://rubygems.org/
  specs:
    fastimage (2.1.5)

PLATFORMS
  x86-mingw32

DEPENDENCIES
  fastimage

BUNDLED WITH
   2.0.2
